PATH
  remote: .
  specs:
    red_amber (0.1.0)
      red-arrow (~> 7.0.0)
      red-parquet (~> 7.0.0)
      rover-df (~> 0.3.0)

GEM
  remote: https://rubygems.org/
  specs:
    ast (2.4.2)
    bigdecimal (3.1.2)
    extpp (0.1.0)
    fiddle (1.1.0)
    gio2 (3.5.1)
      fiddle
      gobject-introspection (= 3.5.1)
    glib2 (3.5.1)
      native-package-installer (>= 1.0.3)
      pkg-config (>= 1.3.5)
    gobject-introspection (3.5.1)
      glib2 (= 3.5.1)
    native-package-installer (1.1.4)
    numo-narray (0.9.2.0)
    parallel (1.22.1)
    parser (3.1.2.0)
      ast (~> 2.4.1)
    pkg-config (1.4.7)
    power_assert (2.0.1)
    rainbow (3.1.1)
    rake (13.0.6)
    red-arrow (7.0.0)
      bigdecimal (>= 2.0.3)
      extpp (>= 0.0.7)
      gio2 (>= 3.5.0)
      native-package-installer
      pkg-config
    red-parquet (7.0.0)
      red-arrow (= 7.0.0)
    regexp_parser (2.3.0)
    rexml (3.2.5)
    rover-df (0.3.0)
      numo-narray (>= 0.9.1.9)
    rubocop (1.27.0)
      parallel (~> 1.10)
      parser (>= 3.1.0.0)
      rainbow (>= 2.2.2, < 4.0)
      regexp_parser (>= 1.8, < 3.0)
      rexml
      rubocop-ast (>= 1.16.0, < 2.0)
      ruby-progressbar (~> 1.7)
      unicode-display_width (>= 1.4.0, < 3.0)
    rubocop-ast (1.17.0)
      parser (>= 3.1.1.0)
    rubocop-performance (1.13.3)
      rubocop (>= 1.7.0, < 2.0)
      rubocop-ast (>= 0.4.0)
    rubocop-rake (0.6.0)
      rubocop (~> 1.0)
    rubocop-rubycw (0.1.6)
      rubocop (~> 1.0)
    ruby-progressbar (1.11.0)
    test-unit (3.5.3)
      power_assert
    unicode-display_width (2.1.0)

PLATFORMS
  x86_64-darwin-20
  x86_64-linux

DEPENDENCIES
  rake (~> 13.0)
  red_amber!
  rubocop (~> 1.21)
  rubocop-performance
  rubocop-rake
  rubocop-rubycw
  test-unit (~> 3.0)

BUNDLED WITH
   2.3.7
