GEM
  remote: https://rubygems.org/
  specs:
    benchmark-ips (2.12.0)
    benchmark_driver (0.16.3)
    bigdecimal (3.1.4)
    concurrent-ruby (1.2.2)
    csv (3.2.6)
    extpp (0.1.1)
    faker (3.1.1)
      i18n (>= 1.8.11, < 2)
    fiddle (1.1.1)
    gio2 (4.1.2)
      fiddle
      gobject-introspection (= 4.1.2)
    glib2 (4.1.2)
      native-package-installer (>= 1.0.3)
      pkg-config (>= 1.3.5)
    gobject-introspection (4.1.2)
      glib2 (= 4.1.2)
    i18n (1.12.0)
      concurrent-ruby (~> 1.0)
    io-console (0.6.0)
    irb (1.6.3)
      reline (>= 0.3.0)
    libui (0.0.15)
    native-package-installer (1.1.5)
    numo-narray (0.9.2.1)
    pkg-config (1.5.1)
    red-amber-view (0.0.1)
      libui
      red-arrow
      red_amber
    red-arrow (11.0.0)
      bigdecimal (>= 3.1.0)
      extpp (>= 0.1.1)
      gio2 (>= 3.5.0)
      native-package-installer
      pkg-config
    red-arrow-numo-narray (0.0.6)
      numo-narray
      red-arrow
    red-datasets (0.1.5)
      csv (>= 3.2.4)
      rexml
      rubyzip
    red-datasets-arrow (0.0.3)
      red-arrow
      red-datasets (>= 0.0.3)
    red-parquet (11.0.0)
      red-arrow (= 11.0.0)
    red_amber (0.4.1)
      red-arrow (~> 11.0.0)
    reline (0.3.2)
      io-console (~> 0.5)
    rexml (3.2.5)
    rover-df (0.3.4)
      numo-narray (>= 0.9.1.9)
    rubyzip (2.3.2)

PLATFORMS
  x86_64-linux

DEPENDENCIES
  benchmark-ips
  benchmark_driver
  faker
  irb
  numo-narray
  red-amber-view
  red-arrow (~> 11.0.0)
  red-arrow-numo-narray
  red-datasets
  red-datasets-arrow
  red-parquet (~> 11.0.0)
  red_amber (>= 0.4.1)
  rover-df

BUNDLED WITH
   2.4.8
